GEM
  remote: https://rubygems.org/
  specs:
    operations_with_rates (0.1.1)

PLATFORMS
  x86_64-linux

DEPENDENCIES
  operations_with_rates (~> 0.1.1)

BUNDLED WITH
   2.4.13
